GEM
  specs:
    sass (3.1.12)

PLATFORMS
  ruby

DEPENDENCIES
  sass
